GEM
  remote: https://rubygems.org/
  specs:
    byebug (11.1.3)
    coderay (1.1.3)
    method_source (1.0.0)
    pry (0.14.1)
      coderay (~> 1.1)
      method_source (~> 1.0)

PLATFORMS
  x86_64-darwin-20

DEPENDENCIES
  byebug (~> 11.1)
  pry (~> 0.14.1)

BUNDLED WITH
   2.3.7
